GEM
  remote: https://rubygems.org/
  specs:
    bigdecimal (3.1.8)
    crass (1.0.6)
    csv (3.3.0)
    feedjira (3.2.3)
      loofah (>= 2.3.1, < 3)
      sax-machine (>= 1.0, < 2)
    httparty (0.22.0)
      csv
      mini_mime (>= 1.0.0)
      multi_xml (>= 0.5.2)
    loofah (2.22.0)
      crass (~> 1.0.2)
      nokogiri (>= 1.12.0)
    mini_mime (1.1.5)
    mini_portile2 (2.8.7)
    multi_xml (0.7.1)
      bigdecimal (~> 3.1)
    nokogiri (1.16.7)
      mini_portile2 (~> 2.8.2)
      racc (~> 1.4)
    racc (1.8.1)
    sax-machine (1.3.2)

PLATFORMS
  ruby

DEPENDENCIES
  feedjira (~> 3.2)
  httparty (~> 0.22.0)

BUNDLED WITH
   2.5.6
